PATH
  remote: .
  specs:
    rspec_jenkins_formatter (0.1.0)
      builder
      rspec (~> 2.0)
      rspec-core (!= 2.12.0)

GEM
  remote: https://rubygems.org/
  specs:
    builder (3.2.2)
    diff-lcs (1.2.5)
    nokogiri (1.5.10)
    rspec (2.14.1)
      rspec-core (~> 2.14.0)
      rspec-expectations (~> 2.14.0)
      rspec-mocks (~> 2.14.0)
    rspec-core (2.14.8)
    rspec-expectations (2.14.5)
      diff-lcs (>= 1.1.3, < 2.0)
    rspec-mocks (2.14.6)

PLATFORMS
  ruby

DEPENDENCIES
  nokogiri
  rspec_jenkins_formatter!
